GEM
  remote: https://rubygems.org/
  specs:
    nio4r (2.5.8)
    puma (5.6.4)
      nio4r (~> 2.0)
    rack (2.2.3)
    tracery (0.7.7)

PLATFORMS
  x86_64-linux

DEPENDENCIES
  puma
  rack
  tracery

RUBY VERSION
   ruby 3.0.4p208

BUNDLED WITH
   2.2.33
