GEM
  remote: https://rubygems.org/
  specs:
    daemons (1.4.1)
    eventmachine (1.2.7)
    rack (2.2.3)
    thin (1.8.1)
      daemons (~> 1.0, >= 1.0.9)
      eventmachine (~> 1.0, >= 1.0.4)
      rack (>= 1, < 3)
    tracery (0.7.7)

PLATFORMS
  x86_64-linux

DEPENDENCIES
  rack
  thin
  tracery

BUNDLED WITH
   2.2.22
